PATH
  remote: .
  specs:
    d_bug (0.1.0.1561552762)
      rb-inotify
      rubyserial

GEM
  remote: https://rubygems.org/
  specs:
    ffi (1.11.1)
    minitest (5.11.3)
    rake (10.5.0)
    rb-inotify (0.10.0)
      ffi (~> 1.0)
    rubyserial (0.6.0)
      ffi (~> 1.9, >= 1.9.3)

PLATFORMS
  ruby

DEPENDENCIES
  bundler (~> 2.0)
  d_bug!
  minitest (~> 5.0)
  rake (~> 10.0)

BUNDLED WITH
   2.0.1
